GEM
  remote: https://rubygems.org/
  specs:
    CFPropertyList (2.3.6)
    claide (1.0.2)
    cocoaseeds (0.8.3)
      colored2 (~> 3.1)
      xcodeproj (>= 0.28)
    colored2 (3.1.2)
    nanaimo (0.2.3)
    rouge (2.0.7)
    xcodeproj (1.5.4)
      CFPropertyList (~> 2.3.3)
      claide (>= 1.0.2, < 2.0)
      colored2 (~> 3.1)
      nanaimo (~> 0.2.3)
    xcpretty (0.2.8)
      rouge (~> 2.0.7)

PLATFORMS
  ruby

DEPENDENCIES
  cocoaseeds
  xcpretty

BUNDLED WITH
   1.16.1
